PATH
  remote: ../../../personal_computing/ruby
  specs:
    personal_computing (0.1.0)

GEM
  remote: https://rubygems.org/
  specs:

PLATFORMS
  arm64-darwin-22
  arm64-darwin-23

DEPENDENCIES
  personal_computing!

BUNDLED WITH
   2.5.21
